GEM
  remote: https://rubygems.org/
  specs:
    httparty (0.21.0)
      mini_mime (>= 1.0.0)
      multi_xml (>= 0.5.2)
    mini_mime (1.1.5)
    multi_xml (0.6.0)
    pg (1.5.4)
    pg (1.5.4-x64-mingw-ucrt)

PLATFORMS
  arm64-darwin-23
  x64-mingw-ucrt

DEPENDENCIES
  httparty
  pg

BUNDLED WITH
   2.5.4
